GEM
  remote: https://rubygems.org/
  specs:

PLATFORMS
  x86_64-darwin-20
  x86_64-darwin-22

DEPENDENCIES

BUNDLED WITH
   2.2.15
